GIT
  remote: git://github.com/alexkravets/heroku-mongo-backup.git
  revision: 4c149ca10614bd53c27406848eaeaf5021623b25
  branch: mongoid4
  specs:
    heroku-mongo-backup (0.4.5)

GIT
  remote: git://github.com/mongoid/mongoid.git
  revision: f4f489e45adb0059fae6854d8a29ebb79cc6c8fd
  specs:
    mongoid (4.0.0)
      activemodel (~> 4.0)
      moped (~> 2.0.0)
      origin (~> 2.1)
      tzinfo (>= 0.3.37)

GIT
  remote: git://github.com/netzpirat/haml_coffee_assets.git
  revision: a3c2951eca005d4fcce4837b9a97a139fc022c66
  specs:
    haml_coffee_assets (1.16.0)
      coffee-script (~> 2.0)
      sprockets (~> 2.0)
      tilt (~> 1.1)

GIT
  remote: git://github.com/simi/mongoid_paranoia.git
  revision: 47fc64675ad5ce0ac36ecdd4f89f061054817015
  specs:
    mongoid_paranoia (0.1.2)
      mongoid (> 3)

GEM
  remote: https://rubygems.org/
  specs:
    CFPropertyList (2.2.8)
    actionmailer (4.1.8)
      actionpack (= 4.1.8)
      actionview (= 4.1.8)
      mail (~> 2.5, >= 2.5.4)
    actionpack (4.1.8)
      actionview (= 4.1.8)
      activesupport (= 4.1.8)
      rack (~> 1.5.2)
      rack-test (~> 0.6.2)
    actionview (4.1.8)
      activesupport (= 4.1.8)
      builder (~> 3.1)
      erubis (~> 2.7.0)
    activemodel (4.1.8)
      activesupport (= 4.1.8)
      builder (~> 3.1)
    activerecord (4.1.8)
      activemodel (= 4.1.8)
      activesupport (= 4.1.8)
      arel (~> 5.0.0)
    activesupport (4.1.8)
      i18n (~> 0.6, >= 0.6.9)
      json (~> 1.7, >= 1.7.7)
      minitest (~> 5.1)
      thread_safe (~> 0.1)
      tzinfo (~> 1.1)
    addressable (2.3.5)
    animate-scss (0.0.5)
      sass
    arel (5.0.1.20140414130214)
    autoparse (0.3.3)
      addressable (>= 2.3.1)
      extlib (>= 0.9.15)
      multi_json (>= 1.0.0)
    awesome_print (1.2.0)
    bcrypt (3.1.7)
    better_errors (2.0.0)
      coderay (>= 1.0.0)
      erubis (>= 2.6.6)
      rack (>= 0.9.0)
    binding_of_caller (0.7.2)
      debug_inspector (>= 0.0.1)
    bootstrap-sass (3.3.1.0)
      sass (~> 3.2)
    bourbon (3.2.3)
      sass (~> 3.2)
      thor
    bson (2.3.0)
    bson_ext (1.5.1)
    builder (3.2.2)
    bullet (4.13.2)
      activesupport (>= 3.0.0)
      uniform_notifier (>= 1.6.0)
    byebug (2.7.0)
      columnize (~> 0.3)
      debugger-linecache (~> 1.2)
    capistrano (3.2.1)
      i18n
      rake (>= 10.0.0)
      sshkit (~> 1.3)
    capistrano-bundler (1.1.3)
      capistrano (~> 3.1)
      sshkit (~> 1.2)
    capistrano-passenger (0.0.1)
      capistrano (~> 3.0)
    capistrano-rails (1.1.1)
      capistrano (~> 3.1)
      capistrano-bundler (~> 1.1)
    capistrano-rvm (0.1.1)
      capistrano (~> 3.0)
      sshkit (~> 1.2)
    capybara (2.4.4)
      mime-types (>= 1.16)
      nokogiri (>= 1.3.3)
      rack (>= 1.0.0)
      rack-test (>= 0.5.4)
      xpath (~> 2.0)
    carrierwave (0.10.0)
      activemodel (>= 3.2.0)
      activesupport (>= 3.2.0)
      json (>= 1.7)
      mime-types (>= 1.16)
    carrierwave-mongoid (0.7.1)
      carrierwave (>= 0.8.0, < 0.11.0)
      mongoid (>= 3.0, < 5.0)
      mongoid-grid_fs (>= 1.3, < 3.0)
    celluloid (0.15.2)
      timers (~> 1.1.0)
    chronic (0.10.2)
    cliver (0.3.2)
    codeclimate-test-reporter (0.4.0)
      simplecov (>= 0.7.1, < 1.0.0)
    coderay (1.1.0)
    coffee-rails (4.1.0)
      coffee-script (>= 2.2.0)
      railties (>= 4.0.0, < 5.0)
    coffee-script (2.3.0)
      coffee-script-source
      execjs
    coffee-script-source (1.8.0)
    columnize (0.8.9)
    connection_pool (2.1.0)
    crack (0.4.2)
      safe_yaml (~> 1.0.0)
    database_cleaner (1.3.0)
    debug_inspector (0.0.2)
    debugger-linecache (1.2.0)
    decent_decoration (0.0.6)
      decent_exposure (>= 2.0)
    decent_exposure (2.3.2)
    devise (3.3.0)
      bcrypt (~> 3.0)
      orm_adapter (~> 0.1)
      railties (>= 3.2.6, < 5)
      thread_safe (~> 0.1)
      warden (~> 1.2.3)
    diff-lcs (1.2.5)
    docile (1.1.5)
    dotenv (0.11.1)
      dotenv-deployment (~> 0.0.2)
    dotenv-deployment (0.0.2)
    draper (1.3.1)
      actionpack (>= 3.0)
      activemodel (>= 3.0)
      activesupport (>= 3.0)
      request_store (~> 1.0.3)
    easy_diff (0.0.2)
    erubis (2.7.0)
    excon (0.41.0)
    execjs (2.2.2)
    extlib (0.9.16)
    factory_girl (4.3.0)
      activesupport (>= 3.0.0)
    factory_girl_rails (4.3.0)
      factory_girl (~> 4.3.0)
      railties (>= 3.0.0)
    faker (1.2.0)
      i18n (~> 0.5)
    faraday (0.8.8)
      multipart-post (~> 1.2.0)
    fission (0.5.0)
      CFPropertyList (~> 2.2)
    flip (1.0.1)
      activesupport (>= 3.0, < 5)
      i18n
    fog (1.25.0)
      fog-brightbox (~> 0.4)
      fog-core (~> 1.25)
      fog-json
      fog-profitbricks
      fog-radosgw (>= 0.0.2)
      fog-sakuracloud (>= 0.0.4)
      fog-softlayer
      fog-terremark
      fog-vmfusion
      fog-voxel
      fog-xml (~> 0.1.1)
      ipaddress (~> 0.5)
      nokogiri (~> 1.5, >= 1.5.11)
      opennebula
    fog-brightbox (0.6.1)
      fog-core (~> 1.22)
      fog-json
      inflecto
    fog-core (1.25.0)
      builder
      excon (~> 0.38)
      formatador (~> 0.2)
      mime-types
      net-scp (~> 1.1)
      net-ssh (>= 2.1.3)
    fog-json (1.0.0)
      multi_json (~> 1.0)
    fog-profitbricks (0.0.1)
      fog-core
      fog-xml
      nokogiri
    fog-radosgw (0.0.3)
      fog-core (>= 1.21.0)
      fog-json
      fog-xml (>= 0.0.1)
    fog-sakuracloud (0.1.1)
      fog-core
      fog-json
    fog-softlayer (0.3.24)
      fog-core
      fog-json
    fog-terremark (0.0.3)
      fog-core
      fog-xml
    fog-vmfusion (0.0.1)
      fission
      fog-core
    fog-voxel (0.0.1)
      fog-core
      fog-xml
    fog-xml (0.1.1)
      fog-core
      nokogiri (~> 1.5, >= 1.5.11)
    font-awesome-rails (4.0.3.0)
      railties (>= 3.2, < 5.0)
    formatador (0.2.5)
    gon (5.2.3)
      actionpack (>= 2.3.0)
      json
      multi_json
      request_store (>= 1.0.5)
    google-analytics-rails (0.0.4)
    google-api-client (0.6.4)
      addressable (>= 2.3.2)
      autoparse (>= 0.3.3)
      extlib (>= 0.9.15)
      faraday (~> 0.8.4)
      jwt (>= 0.1.5)
      launchy (>= 2.1.1)
      multi_json (>= 1.0.0)
      signet (~> 0.4.5)
      uuidtools (>= 2.1.0)
    haml (4.0.5)
      tilt
    haml-rails (0.5.3)
      actionpack (>= 4.0.1)
      activesupport (>= 4.0.1)
      haml (>= 3.1, < 5.0)
      railties (>= 4.0.1)
    hashie (2.0.5)
    hike (1.2.3)
    hipchat (1.3.0)
      httparty
    httparty (0.13.1)
      json (~> 1.8)
      multi_xml (>= 0.5.2)
    httpauth (0.2.0)
    i18n (0.7.0)
    inflecto (0.0.2)
    ipaddress (0.8.0)
    jquery-cookie-rails (1.3.1.1)
      railties (>= 3.2.0, < 5.0)
    jquery-rails (3.0.4)
      railties (>= 3.0, < 5.0)
      thor (>= 0.14, < 2.0)
    jquery-tablesorter (1.12.6)
      railties (>= 3.1, < 5)
    jquery-ui-rails (4.1.1)
      railties (>= 3.1.0)
    js-routes (0.9.7)
      railties (>= 3.2)
      sprockets-rails
    js_stack (0.5.2)
      haml_coffee_assets (~> 1.16)
      js-routes (~> 0.9.6)
      momentjs-rails (~> 2.5.0)
    json (1.8.2)
    jwt (0.1.8)
      multi_json (>= 1.5)
    konf (0.0.2)
    launchy (2.3.0)
      addressable (~> 2.3)
    letter_opener (1.1.2)
      launchy (~> 2.2)
    libv8 (3.16.14.5)
    mail (2.6.3)
      mime-types (>= 1.16, < 3)
    messengerjs-rails (1.4.0)
    method_source (0.8.2)
    mime-types (2.4.3)
    mini_magick (3.8.0)
      subexec (~> 0.2.1)
    mini_portile (0.6.1)
    minitest (5.5.1)
    momentjs-rails (2.5.1)
      railties (>= 3.1)
    mongoid-grid_fs (2.1.0)
      mime-types (>= 1.0, < 3.0)
      mongoid (>= 3.0, < 5.0)
    mongoid-history (0.4.1)
      activesupport
      easy_diff
      mongoid (>= 3.0)
    mongoid-rspec (1.9.0)
      mongoid (>= 3.0.1)
      rake
      rspec (>= 2.14)
    mongoid_orderable (4.0.0)
      mongoid
    mongoid_userstamp (0.3.2)
      mongoid (>= 3.0.4)
    moped (2.0.2)
      bson (~> 2.2)
      connection_pool (~> 2.0)
      optionable (~> 0.2.0)
    multi_json (1.10.1)
    multi_xml (0.5.5)
    multipart-post (1.2.0)
    named (1.1.0)
    net-scp (1.2.1)
      net-ssh (>= 2.6.5)
    net-ssh (2.9.1)
    netguru_theme (0.2.1)
      bootstrap-sass (~> 3.3.0)
      bourbon (~> 3.2.3)
      sass (~> 3.2)
      thor
    newrelic_rpm (3.6.9.171)
    nokogiri (1.6.5)
      mini_portile (~> 0.6.0)
    oauth2 (0.8.1)
      faraday (~> 0.8)
      httpauth (~> 0.1)
      jwt (~> 0.1.4)
      multi_json (~> 1.0)
      rack (~> 1.2)
    oj (2.4.0)
    omniauth (1.1.4)
      hashie (>= 1.2, < 3)
      rack
    omniauth-github (1.1.1)
      omniauth (~> 1.0)
      omniauth-oauth2 (~> 1.1)
    omniauth-google-oauth2 (0.2.1)
      omniauth (~> 1.0)
      omniauth-oauth2
    omniauth-oauth2 (1.1.1)
      oauth2 (~> 0.8.0)
      omniauth (~> 1.0)
    opennebula (4.10.1)
      json
      nokogiri
      rbvmomi
    optionable (0.2.0)
    origin (2.1.1)
    orm_adapter (0.5.0)
    pg (0.17.1)
    phantomjs (1.9.7.1)
    poltergeist (1.5.1)
      capybara (~> 2.1)
      cliver (~> 0.3.1)
      multi_json (~> 1.0)
      websocket-driver (>= 0.2.0)
    pry (0.9.12.4)
      coderay (~> 1.0)
      method_source (~> 0.8)
      slop (~> 3.4)
    pry-byebug (1.3.2)
      byebug (~> 2.7)
      pry (~> 0.9.12)
    pry-rails (0.3.2)
      pry (>= 0.9.10)
    quiet_assets (1.0.2)
      railties (>= 3.1, < 5.0)
    rabl (0.11.5)
      activesupport (>= 2.3.14)
    rack (1.5.2)
    rack-mini-profiler (0.9.2)
      rack (>= 1.1.3)
    rack-test (0.6.3)
      rack (>= 1.0)
    rack_session_access (0.1.1)
      builder (>= 2.0.0)
      rack (>= 1.0.0)
    rails (4.1.8)
      actionmailer (= 4.1.8)
      actionpack (= 4.1.8)
      actionview (= 4.1.8)
      activemodel (= 4.1.8)
      activerecord (= 4.1.8)
      activesupport (= 4.1.8)
      bundler (>= 1.3.0, < 2.0)
      railties (= 4.1.8)
      sprockets-rails (~> 2.0)
    railties (4.1.8)
      actionpack (= 4.1.8)
      activesupport (= 4.1.8)
      rake (>= 0.8.7)
      thor (>= 0.18.1, < 2.0)
    rake (10.4.0)
    rbvmomi (1.8.2)
      builder
      nokogiri (>= 1.4.1)
      trollop
    ref (1.0.5)
    render_anywhere (0.0.9)
      rails (>= 3.0.7)
    request_store (1.0.8)
    rollbar (1.0.1)
      multi_json (~> 1.3)
    rspec (2.14.1)
      rspec-core (~> 2.14.0)
      rspec-expectations (~> 2.14.0)
      rspec-mocks (~> 2.14.0)
    rspec-core (2.14.7)
    rspec-expectations (2.14.4)
      diff-lcs (>= 1.1.3, < 2.0)
    rspec-mocks (2.14.4)
    rspec-rails (2.14.0)
      actionpack (>= 3.0)
      activesupport (>= 3.0)
      railties (>= 3.0)
      rspec-core (~> 2.14.0)
      rspec-expectations (~> 2.14.0)
      rspec-mocks (~> 2.14.0)
    rvm1-capistrano3 (1.3.2.2)
      capistrano (~> 3.0)
      sshkit (>= 1.2)
    safe_yaml (1.0.3)
    sass (3.2.19)
    sass-rails (4.0.5)
      railties (>= 4.0.0, < 5.0)
      sass (~> 3.2.2)
      sprockets (~> 2.8, < 3.0)
      sprockets-rails (~> 2.0)
    searchlight (3.1.0)
      named (~> 1.0)
    select2-rails (3.5.9.3)
      thor (~> 0.14)
    selectize-rails (0.8.5)
    signet (0.4.5)
      addressable (>= 2.2.3)
      faraday (~> 0.8.1)
      jwt (>= 0.1.5)
      multi_json (>= 1.0.0)
    simple_form (3.1.0.rc2)
      actionpack (~> 4.0)
      activemodel (~> 4.0)
    simplecov (0.9.0)
      docile (~> 1.1.0)
      multi_json
      simplecov-html (~> 0.8.0)
    simplecov-html (0.8.0)
    slop (3.4.7)
    spork (1.0.0rc4)
    spork-rails (4.0.0)
      rails (>= 3.0.0, < 5)
      spork (>= 1.0rc0)
    sprockets (2.12.3)
      hike (~> 1.2)
      multi_json (~> 1.0)
      rack (~> 1.0)
      tilt (~> 1.1, != 1.3.0)
    sprockets-rails (2.2.1)
      actionpack (>= 3.0)
      activesupport (>= 3.0)
      sprockets (>= 2.8, < 4.0)
    sshkit (1.3.0)
      net-scp (>= 1.1.2)
      net-ssh
      term-ansicolor
    subexec (0.2.3)
    sucker_punch (1.0.5)
      celluloid (~> 0.15.2)
    term-ansicolor (1.3.0)
      tins (~> 1.0)
    therubyracer (0.12.0)
      libv8 (~> 3.16.14.0)
      ref
    thor (0.19.1)
    thread_safe (0.3.4)
    tilt (1.4.1)
    timecop (0.7.0)
    timers (1.1.0)
    tins (1.3.2)
    trollop (2.0)
    tzinfo (1.2.2)
      thread_safe (~> 0.1)
    uglifier (2.5.3)
      execjs (>= 0.3.0)
      json (>= 1.8.0)
    uniform_notifier (1.6.2)
    uuidtools (2.1.5)
    versionist (1.2.1)
      rails (>= 3)
      yard (~> 0.7)
    warden (1.2.3)
      rack (>= 1.0)
    webmock (1.17.4)
      addressable (>= 2.2.7)
      crack (>= 0.3.2)
    websocket-driver (0.4.0)
    whenever (0.9.0)
      activesupport (>= 2.3.4)
      chronic (>= 0.6.3)
    xpath (2.0.0)
      nokogiri (~> 1.3)
    xray-rails (0.1.13)
      coffee-rails
      rails (>= 3.1.0)
    yard (0.8.7.3)

PLATFORMS
  ruby

DEPENDENCIES
  animate-scss
  awesome_print
  better_errors
  binding_of_caller
  bson
  bson_ext
  bullet (~> 4.13.2)
  capistrano
  capistrano-bundler
  capistrano-passenger
  capistrano-rails
  capistrano-rvm
  capybara (~> 2.4.4)
  carrierwave-mongoid
  codeclimate-test-reporter
  coffee-rails
  database_cleaner
  decent_decoration
  decent_exposure
  devise
  dotenv
  dotenv-deployment
  draper
  factory_girl_rails
  faker
  flip
  fog
  font-awesome-rails
  gon
  google-analytics-rails
  google-api-client
  haml-rails
  haml_coffee_assets!
  heroku-mongo-backup!
  hipchat
  jquery-cookie-rails
  jquery-rails
  jquery-tablesorter
  jquery-ui-rails
  js_stack
  konf
  letter_opener
  messengerjs-rails
  mini_magick
  mongoid!
  mongoid-history
  mongoid-rspec
  mongoid_orderable
  mongoid_paranoia!
  mongoid_userstamp
  moped
  netguru_theme
  newrelic_rpm
  oj
  omniauth
  omniauth-github
  omniauth-google-oauth2
  pg (~> 0.17.1)
  phantomjs
  poltergeist
  pry
  pry-byebug
  pry-rails
  quiet_assets
  rabl (~> 0.11.5)
  rack-mini-profiler (~> 0.9.2)
  rack_session_access
  rails (= 4.1.8)
  render_anywhere
  rollbar
  rspec-rails
  rvm1-capistrano3
  sass-rails
  searchlight
  select2-rails (= 3.5.9.3)
  selectize-rails
  simple_form (~> 3.1.0.rc2)
  spork-rails
  sucker_punch
  therubyracer
  timecop
  uglifier
  versionist
  webmock
  whenever
  xray-rails
